GEM
  remote: http://rubygems.org/
  specs:
    ZenTest (4.7.0)
    addressable (2.2.7)
    coderay (1.0.6)
    crack (0.3.1)
    diff-lcs (1.1.3)
    git (1.2.5)
    httparty (0.8.3)
      multi_json (~> 1.0)
      multi_xml
    jeweler (1.8.3)
      bundler (~> 1.0)
      git (>= 1.2.5)
      rake
      rdoc
    json (1.6.6)
    method_source (0.7.1)
    multi_json (1.3.2)
    multi_xml (0.4.4)
    pry (0.9.9.3)
      coderay (~> 1.0.5)
      method_source (~> 0.7.1)
      slop (>= 2.4.4, < 3)
    rake (0.9.2.2)
    rdoc (3.12)
      json (~> 1.4)
    rspec (2.9.0)
      rspec-core (~> 2.9.0)
      rspec-expectations (~> 2.9.0)
      rspec-mocks (~> 2.9.0)
    rspec-core (2.9.0)
    rspec-expectations (2.9.1)
      diff-lcs (~> 1.1.3)
    rspec-mocks (2.9.0)
    simplecov (0.6.2)
      multi_json (~> 1.3)
      simplecov-html (~> 0.5.3)
    simplecov-html (0.5.3)
    slop (2.4.4)
    vcr (2.1.1)
    webmock (1.8.6)
      addressable (>= 2.2.7)
      crack (>= 0.1.7)
    yard (0.7.5)

PLATFORMS
  ruby

DEPENDENCIES
  ZenTest (~> 4.7.0)
  addressable (~> 2.2.7)
  bundler (~> 1.1.3)
  crack (~> 0.3.1)
  httparty (~> 0.8.3)
  jeweler (~> 1.8.3)
  pry
  rake (>= 0.9)
  rdoc (~> 3.12)
  rspec (~> 2.9.0)
  simplecov (~> 0.6)
  vcr (~> 2.1.1)
  webmock (~> 1.8.6)
  yard (~> 0.7)
